GEM
  remote: https://rubygems.org/
  specs:
    random-word (1.3.0)
    ruby-dictionary (1.1.1)

PLATFORMS
  ruby

DEPENDENCIES
  random-word (~> 1.3)
  ruby-dictionary (~> 1.1, >= 1.1.1)

BUNDLED WITH
   2.0.1
