GEM
  remote: https://rubygems.org/
  specs:
    ruby-dictionary (1.1.1)

PLATFORMS
  ruby

DEPENDENCIES
  ruby-dictionary (~> 1.1, >= 1.1.1)

BUNDLED WITH
   2.0.1
